GEM
  remote: https://rubygems.org/
  specs:
    rack (2.2.8)
    rage-iodine (3.0.1)
    rage-rb (0.5.2)
      rack (~> 2.0)
      rage-iodine (~> 3.0)
      thor (~> 1.0)
    thor (1.3.0)

PLATFORMS
  aarch64-linux

DEPENDENCIES
  rage-rb (= 0.5.2)

BUNDLED WITH
   2.4.13
